GIT
  remote: https://github.com/risteskipetar/oauth-ruby.git
  revision: ca14a1a3764c5aa64ddc7f020b3f8c35be66b316
  branch: add-sha256
  specs:
    oauth (0.5.5.3)

PATH
  remote: .
  specs:
    oneroster (0.4.2.30)
      addressable
      byebug
      flexirest

GEM
  remote: https://rubygems.org/
  specs:
    activesupport (5.2.2)
      concurrent-ruby (~> 1.0, >= 1.0.2)
      i18n (>= 0.7, < 2)
      minitest (~> 5.1)
      tzinfo (~> 1.1)
    addressable (2.6.0)
      public_suffix (>= 2.0.2, < 4.0)
    byebug (11.0.0)
    concurrent-ruby (1.1.4)
    crack (0.4.3)
      safe_yaml (~> 1.0.0)
    faraday (0.15.4)
      multipart-post (>= 1.2, < 3)
    flexirest (1.7.6)
      activesupport
      crack
      faraday
      multi_json
    i18n (1.5.3)
      concurrent-ruby (~> 1.0)
    minitest (5.11.3)
    multi_json (1.13.1)
    multipart-post (2.0.0)
    public_suffix (3.0.3)
    safe_yaml (1.0.4)
    thread_safe (0.3.6)
    tzinfo (1.2.5)
      thread_safe (~> 0.1)

PLATFORMS
  ruby

DEPENDENCIES
  oauth!
  oneroster!

BUNDLED WITH
   1.17.1
